GEM
  remote: https://rubygems.org/
  specs:
    sqlite3 (2.7.3-arm64-darwin)

PLATFORMS
  arm64-darwin-22
  arm64-darwin-24

DEPENDENCIES
  sqlite3

BUNDLED WITH
   2.5.22
