GEM
  remote: https://rubygems.org/
  specs:
    awesome_print (1.9.2)
    byebug (11.1.3)
    coderay (1.1.3)
    method_source (1.0.0)
    pry (0.14.2)
      coderay (~> 1.1)
      method_source (~> 1.0)
    pry-byebug (3.10.1)
      byebug (~> 11.0)
      pry (>= 0.13, < 0.15)
    sqlite3 (1.6.3-arm64-darwin)

PLATFORMS
  arm64-darwin-22

DEPENDENCIES
  awesome_print
  pry-byebug
  sqlite3

BUNDLED WITH
   2.4.14
