GEM
  remote: https://rubygems.org/
  specs:
    sqlite3 (1.7.0-arm64-darwin)

PLATFORMS
  arm64-darwin-22

DEPENDENCIES
  sqlite3

BUNDLED WITH
   2.4.14
